GIT
  remote: https://github.com/werthen/words_counted
  revision: 735357e4d530c99d5c4c366d0c246ebffffd80de
  specs:
    words_counted (1.0.2)

GEM
  remote: https://rubygems.org/
  specs:
    activesupport (6.1.4.1)
      concurrent-ruby (~> 1.0, >= 1.0.2)
      i18n (>= 1.6, < 2)
      minitest (>= 5.1)
      tzinfo (~> 2.0)
      zeitwerk (~> 2.3)
    bind-it (0.2.7)
      rjb (~> 1.4.3)
    concurrent-ruby (1.1.9)
    diff-lcs (1.4.4)
    dotenv (2.7.6)
    everything-core (0.0.13)
      dotenv (~> 2.1)
      fastenv (= 0.0.3)
    fastenv (0.0.3)
    i18n (1.8.10)
      concurrent-ruby (~> 1.0)
    minitest (5.14.4)
    rjb (1.4.9)
    rspec (3.10.0)
      rspec-core (~> 3.10.0)
      rspec-expectations (~> 3.10.0)
      rspec-mocks (~> 3.10.0)
    rspec-core (3.10.1)
      rspec-support (~> 3.10.0)
    rspec-expectations (3.10.1)
      diff-lcs (>= 1.2.0, < 2.0)
      rspec-support (~> 3.10.0)
    rspec-mocks (3.10.2)
      diff-lcs (>= 1.2.0, < 2.0)
      rspec-support (~> 3.10.0)
    rspec-support (3.10.2)
    sentiment_lib (0.2.1)
      rspec (>= 2)
      stemmer (>= 1)
    stanford-core-nlp (0.5.3)
      bind-it (~> 0.2.7)
    stemmer (1.0.1)
    tactful_tokenizer (0.0.5)
    thor (1.1.0)
    tzinfo (2.0.4)
      concurrent-ruby (~> 1.0)
    zeitwerk (2.4.2)

PLATFORMS
  x86_64-darwin-20

DEPENDENCIES
  activesupport
  dotenv
  everything-core
  fastenv
  sentiment_lib
  stanford-core-nlp
  tactful_tokenizer
  thor
  words_counted!

BUNDLED WITH
   2.2.27
